GEM
  remote: https://rubygems.org/
  specs:
    dotenv (2.2.0)
    httparty (0.14.0)
      multi_xml (>= 0.5.2)
    multi_xml (0.6.0)

PLATFORMS
  ruby

DEPENDENCIES
  dotenv
  httparty

BUNDLED WITH
   1.14.5
